PATH
  remote: .
  specs:
    bemer-simple_form (0.0.0)
      activesupport
      bemer (>= 0.1.0, < 1.0)
      simple_form

GEM
  remote: https://rubygems.org/
  specs:
    actionpack (5.2.4)
      actionview (= 5.2.4)
      activesupport (= 5.2.4)
      rack (~> 2.0)
      rack-test (>= 0.6.3)
      rails-dom-testing (~> 2.0)
      rails-html-sanitizer (~> 1.0, >= 1.0.2)
    actionview (5.2.4)
      activesupport (= 5.2.4)
      builder (~> 3.1)
      erubi (~> 1.4)
      rails-dom-testing (~> 2.0)
      rails-html-sanitizer (~> 1.0, >= 1.0.3)
    activemodel (5.2.4)
      activesupport (= 5.2.4)
    activesupport (5.2.4)
      concurrent-ruby (~> 1.0, >= 1.0.2)
      i18n (>= 0.7, < 2)
      minitest (~> 5.1)
      tzinfo (~> 1.1)
    ast (2.4.0)
    bemer (0.2.0)
      railties (>= 3.2.22, < 5.3)
    builder (3.2.3)
    bundler-audit (0.6.1)
      bundler (>= 1.2.0, < 3)
      thor (~> 0.18)
    childprocess (0.9.0)
      ffi (~> 1.0, >= 1.0.11)
    colorize (0.8.1)
    concurrent-ruby (1.1.5)
    crass (1.0.5)
    diff-lcs (1.3)
    erubi (1.9.0)
    fasterer (0.5.1)
      colorize (~> 0.7)
      ruby_parser (>= 3.13.0)
    ffi (1.11.1)
    fuubar (2.5.0)
      rspec-core (~> 3.0)
      ruby-progressbar (~> 1.4)
    i18n (1.7.0)
      concurrent-ruby (~> 1.0)
    iniparse (1.4.4)
    jaro_winkler (1.5.2)
    loofah (2.4.0)
      crass (~> 1.0.2)
      nokogiri (>= 1.5.9)
    method_source (0.9.2)
    mini_portile2 (2.4.0)
    minitest (5.13.0)
    nokogiri (1.10.5)
      mini_portile2 (~> 2.4.0)
    overcommit (0.48.0)
      childprocess (~> 0.6, >= 0.6.3)
      iniparse (~> 1.4)
    parallel (1.17.0)
    parser (2.6.3.0)
      ast (~> 2.4.0)
    rack (2.0.7)
    rack-test (1.1.0)
      rack (>= 1.0, < 3)
    rails-dom-testing (2.0.3)
      activesupport (>= 4.2.0)
      nokogiri (>= 1.6)
    rails-html-sanitizer (1.3.0)
      loofah (~> 2.3)
    railties (5.2.4)
      actionpack (= 5.2.4)
      activesupport (= 5.2.4)
      method_source
      rake (>= 0.8.7)
      thor (>= 0.19.0, < 2.0)
    rainbow (3.0.0)
    rake (12.3.2)
    rspec-core (3.9.0)
      rspec-support (~> 3.9.0)
    rspec-expectations (3.9.0)
      diff-lcs (>= 1.2.0, < 2.0)
      rspec-support (~> 3.9.0)
    rspec-mocks (3.9.0)
      diff-lcs (>= 1.2.0, < 2.0)
      rspec-support (~> 3.9.0)
    rspec-rails (3.9.0)
      actionpack (>= 3.0)
      activesupport (>= 3.0)
      railties (>= 3.0)
      rspec-core (~> 3.9.0)
      rspec-expectations (~> 3.9.0)
      rspec-mocks (~> 3.9.0)
      rspec-support (~> 3.9.0)
    rspec-support (3.9.0)
    rubocop (0.70.0)
      jaro_winkler (~> 1.5.1)
      parallel (~> 1.10)
      parser (>= 2.6)
      rainbow (>= 2.2.2, < 4.0)
      ruby-progressbar (~> 1.7)
      unicode-display_width (>= 1.4.0, < 1.7)
    rubocop-performance (1.3.0)
      rubocop (>= 0.68.0)
    rubocop-rspec (1.33.0)
      rubocop (>= 0.60.0)
    ruby-progressbar (1.10.0)
    ruby_parser (3.13.1)
      sexp_processor (~> 4.9)
    sexp_processor (4.12.0)
    simple_form (5.0.1)
      actionpack (>= 5.0)
      activemodel (>= 5.0)
    thor (0.20.3)
    thread_safe (0.3.6)
    tzinfo (1.2.5)
      thread_safe (~> 0.1)
    unicode-display_width (1.6.0)

PLATFORMS
  ruby

DEPENDENCIES
  bemer-simple_form!
  bundler (~> 1.16)
  bundler-audit (~> 0.6.1)
  fasterer (~> 0.5.1)
  fuubar (~> 2.5.0)
  overcommit (~> 0.48.0)
  rake (~> 12.3.0)
  rspec-rails (~> 3.9.0)
  rubocop (~> 0.70.0)
  rubocop-performance (~> 1.3.0)
  rubocop-rspec (~> 1.33.0)

BUNDLED WITH
   1.16.2
