PATH
  remote: .
  specs:
    bemer-simple_form (0.0.0)

GEM
  remote: https://rubygems.org/
  specs:
    ast (2.4.0)
    bundler-audit (0.6.1)
      bundler (>= 1.2.0, < 3)
      thor (~> 0.18)
    childprocess (0.9.0)
      ffi (~> 1.0, >= 1.0.11)
    colorize (0.8.1)
    fasterer (0.5.1)
      colorize (~> 0.7)
      ruby_parser (>= 3.13.0)
    ffi (1.11.1)
    iniparse (1.4.4)
    jaro_winkler (1.5.2)
    overcommit (0.48.0)
      childprocess (~> 0.6, >= 0.6.3)
      iniparse (~> 1.4)
    parallel (1.17.0)
    parser (2.6.3.0)
      ast (~> 2.4.0)
    rainbow (3.0.0)
    rake (12.3.2)
    rubocop (0.70.0)
      jaro_winkler (~> 1.5.1)
      parallel (~> 1.10)
      parser (>= 2.6)
      rainbow (>= 2.2.2, < 4.0)
      ruby-progressbar (~> 1.7)
      unicode-display_width (>= 1.4.0, < 1.7)
    rubocop-performance (1.3.0)
      rubocop (>= 0.68.0)
    rubocop-rspec (1.33.0)
      rubocop (>= 0.60.0)
    ruby-progressbar (1.10.0)
    ruby_parser (3.13.1)
      sexp_processor (~> 4.9)
    sexp_processor (4.12.0)
    thor (0.20.3)
    unicode-display_width (1.6.0)

PLATFORMS
  ruby

DEPENDENCIES
  bemer-simple_form!
  bundler (~> 1.16)
  bundler-audit (~> 0.6.1)
  fasterer (~> 0.5.1)
  overcommit (~> 0.48.0)
  rake (~> 12.3.0)
  rubocop (~> 0.70.0)
  rubocop-performance (~> 1.3.0)
  rubocop-rspec (~> 1.33.0)

BUNDLED WITH
   1.16.2
